FRAMEWORK: NET45
NUGET
  remote: https://nuget.org/api/v2
  specs:
    FSharp.Core (3.1.2.5)
    FsUnit (1.3.1)
      NUnit (2.6.4)
    NuGet.CommandLine (3.3.0)
    NUnit (2.6.4)
